GEM
  remote: https://rubygems.org/
  specs:
    json (2.1.0)
    rake (12.3.1)
    slack-notifier (2.3.2)

PLATFORMS
  ruby

DEPENDENCIES
  json
  rake (~> 12.0)
  slack-notifier

BUNDLED WITH
   1.16.6
